GEM
  remote: https://rubygems.org/
  specs:
    base64 (0.2.0)
    daemons (1.4.1)
    debug (1.9.2)
      irb (~> 1.10)
      reline (>= 0.3.8)
    eventmachine (1.2.7)
    io-console (0.7.2)
    irb (1.13.1)
      rdoc (>= 4.0.0)
      reline (>= 0.4.2)
    mustermann (3.0.0)
      ruby2_keywords (~> 0.0.1)
    psych (5.1.2)
      stringio
    rack (2.2.9)
    rack-protection (3.2.0)
      base64 (>= 0.1.0)
      rack (~> 2.2, >= 2.2.4)
    rackup (1.0.0)
      rack (< 3)
      webrick
    rdoc (6.6.3.1)
      psych (>= 4.0.0)
    reline (0.5.5)
      io-console (~> 0.5)
    ruby2_keywords (0.0.5)
    sinatra (3.2.0)
      mustermann (~> 3.0)
      rack (~> 2.2, >= 2.2.4)
      rack-protection (= 3.2.0)
      tilt (~> 2.0)
    stringio (3.1.0)
    thin (1.8.2)
      daemons (~> 1.0, >= 1.0.9)
      eventmachine (~> 1.0, >= 1.0.4)
      rack (>= 1, < 3)
    tilt (2.3.0)
    webrick (1.8.1)

PLATFORMS
  arm64-darwin-23

DEPENDENCIES
  debug
  rackup (~> 1.0)
  sinatra (~> 3.2)
  thin (~> 1.8)

RUBY VERSION
   ruby 3.2.4p170

BUNDLED WITH
   2.4.19
